GEM
  remote: https://rubygems.org/
  specs:
    charlock_holmes (0.7.7)
    minitest (5.14.1)
    rack (2.2.3.1)
    rack-test (1.1.0)
      rack (>= 1.0, < 3)

PLATFORMS
  ruby

DEPENDENCIES
  charlock_holmes (~> 0.7.7)
  minitest (~> 5.14.1)
  rack (~> 2.2.3)
  rack-test (~> 1.1.0)

RUBY VERSION
   ruby 2.7.2p137

BUNDLED WITH
   2.1.4
